GEM
  remote: https://rubygems.org/
  specs:
    aws-sdk (2.6.7)
      aws-sdk-resources (= 2.6.7)
    aws-sdk-core (2.6.7)
      jmespath (~> 1.0)
    aws-sdk-resources (2.6.7)
      aws-sdk-core (= 2.6.7)
    jmespath (1.3.1)
    rake (11.3.0)

PLATFORMS
  ruby

DEPENDENCIES
  aws-sdk (~> 2)
  rake

BUNDLED WITH
   1.13.2
